GIT
  remote: git://github.com/virtualstaticvoid/rinruby.git
  revision: 4b334969763467525797ffb2e1e47c378c78a8ef
  branch: master
  specs:
    rinruby (2.0.3)

GEM
  remote: http://rubygems.org/
  specs:
    daemons (1.2.3)
    eventmachine (1.2.0.1)
    foreman (0.82.0)
      thor (~> 0.19.1)
    rack (1.6.4)
    rack-protection (1.5.3)
      rack
    sinatra (1.4.7)
      rack (~> 1.5)
      rack-protection (~> 1.4)
      tilt (>= 1.3, < 3)
    thin (1.7.0)
      daemons (~> 1.0, >= 1.0.9)
      eventmachine (~> 1.0, >= 1.0.4)
      rack (>= 1, < 3)
    thor (0.19.1)
    tilt (2.0.5)

PLATFORMS
  ruby

DEPENDENCIES
  bundler
  foreman
  rinruby!
  sinatra
  thin

RUBY VERSION
   ruby 2.3.1p112

BUNDLED WITH
   1.12.5
